PATH
  remote: .
  specs:
    couchrest (1.0.2)
      json (~> 1.5.1)
      mime-types (~> 1.15)
      rest-client (~> 1.6.1)

GEM
  remote: http://rubygems.org/
  specs:
    json (1.5.1-java)
    mime-types (1.16)
    rest-client (1.6.1)
      mime-types (>= 1.16)
    rspec (1.3.1)

PLATFORMS
  java
  ruby

DEPENDENCIES
  couchrest!
  rspec (~> 1.3.0)
